PATH
  remote: .
  specs:
    timetrap-harvest (1.0.1)
      timetrap (~> 1.7, >= 1.7.0)

GEM
  remote: https://rubygems.org/
  specs:
    chronic (0.10.2)
    coderay (1.1.0)
    diff-lcs (1.2.5)
    method_source (0.8.2)
    pry (0.10.0)
      coderay (~> 1.1.0)
      method_source (~> 0.8.1)
      slop (~> 3.4)
    rspec (3.0.0)
      rspec-core (~> 3.0.0)
      rspec-expectations (~> 3.0.0)
      rspec-mocks (~> 3.0.0)
    rspec-core (3.0.1)
      rspec-support (~> 3.0.0)
    rspec-expectations (3.0.1)
      diff-lcs (>= 1.2.0, < 2.0)
      rspec-support (~> 3.0.0)
    rspec-mocks (3.0.1)
      rspec-support (~> 3.0.0)
    rspec-support (3.0.0)
    sequel (4.0.0)
    slop (3.5.0)
    sqlite3 (1.3.9)
    timetrap (1.8.14)
      chronic (~> 0.10.2)
      sequel (~> 4.0.0)
      sqlite3 (~> 1.3.3)

PLATFORMS
  ruby

DEPENDENCIES
  pry (~> 0.10, >= 0.10.0)
  rspec (~> 3.0, >= 3.0.0)
  timetrap-harvest!
